GEM
  remote: http://rubygems.org/
  specs:
    activesupport (3.2.9)
      i18n (~> 0.6)
      multi_json (~> 1.0)
    bluecloth (2.1.0)
    fakeweb (1.3.0)
    git (1.2.5)
    i18n (0.6.1)
    jeweler (1.6.2)
      bundler (~> 1.0)
      git (>= 1.2.5)
      rake
    multi_json (1.3.7)
    nokogiri (1.5.0)
    rake (0.9.2)
    rdoc (3.8)
    shoulda (2.11.3)
    vcr (2.3.0)
    yard (0.7.2)

PLATFORMS
  ruby

DEPENDENCIES
  activesupport
  bluecloth
  bundler
  fakeweb
  jeweler
  nokogiri
  rake
  rdoc
  shoulda
  vcr
  yard
